GEM
  remote: http://rubygems.org/
  specs:
    activemodel (3.0.5)
      activesupport (= 3.0.5)
      builder (~> 2.1.2)
      i18n (~> 0.4)
    activerecord (3.2.14)
    activerecord-jdbc-adapter (1.1.1)
    activesupport (3.0.5)
    arel (2.0.9)
    builder (2.1.2)
    daemons (1.1.0)
    diff-lcs (1.2.1)
    eventmachine (0.12.10)
    eventmachine (0.12.10-java)
    i18n (0.5.0)
    json (1.5.1)
    json (1.5.1-java)
    rack (1.2.2)
    rake (0.8.7)
    rspec-core (2.13.1)
    sinatra (1.2.1)
      rack (~> 1.1)
      tilt (>= 1.2.2, < 2.0)
    tilt (1.2.2)
    tzinfo (0.3.25)

PLATFORMS
  java
  ruby

DEPENDENCIES
  activemodel (= 3.0.5)
  activerecord (= 3.2.14)
  activerecord-jdbc-adapter (= 1.1.1)
  activesupport (= 3.0.5)
  arel (= 2.0.9)
  builder (= 2.1.2)
  daemons (= 1.1.0)
  diff-lcs (= 1.2.1)
  eventmachine (= 0.12.10)
  i18n (= 0.5.0)
  json (= 1.5.1)
  rack (= 1.2.2)
  rake (= 0.8.7)
  rspec-core (= 2.13.1)
  sinatra (= 1.2.1)
  tilt (= 1.2.2)
  tzinfo (= 0.3.25)
