GEM
  remote: http://rubygems.org/
  specs:
    activemodel (7.0.4.1)
      activesupport (= 7.0.4.1)
    activerecord (7.0.4.1)
      activemodel (= 7.0.4.1)
      activesupport (= 7.0.4.1)
    activerecord-jdbc-adapter (1.1.1)
    activesupport (7.0.4.1)
      concurrent-ruby (~> 1.0, >= 1.0.2)
      i18n (>= 1.6, < 2)
      minitest (>= 5.1)
      tzinfo (~> 2.0)
    arel (2.0.9)
    builder (2.1.2)
    concurrent-ruby (1.1.10)
    daemons (1.1.0)
    diff-lcs (1.2.1)
    eventmachine (0.12.10)
    eventmachine (0.12.10-java)
    i18n (1.12.0)
      concurrent-ruby (~> 1.0)
    json (1.5.1)
    json (1.5.1-java)
    minitest (5.17.0)
    rack (1.2.2)
    rake (0.8.7)
    rspec-core (2.13.1)
    sinatra (1.2.1)
      rack (~> 1.1)
      tilt (>= 1.2.2, < 2.0)
    tilt (1.2.2)
    tzinfo (2.0.5)
      concurrent-ruby (~> 1.0)

PLATFORMS
  java
  ruby

DEPENDENCIES
  activemodel (= 7.0.4.1)
  activerecord (= 7.0.4.1)
  activerecord-jdbc-adapter (= 1.1.1)
  activesupport (= 7.0.4.1)
  arel (= 2.0.9)
  builder (= 2.1.2)
  daemons (= 1.1.0)
  diff-lcs (= 1.2.1)
  eventmachine (= 0.12.10)
  i18n (= 1.12.0)
  json (= 1.5.1)
  rack (= 1.2.2)
  rake (= 0.8.7)
  rspec-core (= 2.13.1)
  sinatra (= 1.2.1)
  tilt (= 1.2.2)
  tzinfo (= 2.0.5)
